PATH
  remote: .
  specs:
    fastbillr (0.0.1)
      excon
      hashie
      json

GEM
  remote: https://rubygems.org/
  specs:
    excon (0.13.4)
    fakeweb (1.3.0)
    hashie (1.2.0)
    json (1.6.6)
    minitest (2.12.1)

PLATFORMS
  ruby

DEPENDENCIES
  fakeweb
  fastbillr!
  minitest (~> 2.12.1)
