PATH
  remote: .
  specs:
    fastbillr (0.0.1)
      excon (~> 0.13.4)
      hashie (~> 1.2.0)
      json (~> 1.6.6)

GEM
  remote: https://rubygems.org/
  specs:
    excon (0.13.4)
    hashie (1.2.0)
    json (1.6.6)
    minitest (2.12.1)

PLATFORMS
  ruby

DEPENDENCIES
  fastbillr!
  minitest (~> 2.12.1)
